PATH
  remote: .
  specs:
    bizratr (0.1.0)
      factual-api
      foursquare2
      geocoder
      google_places
      google_places
      koala
      levenshtein
      yelpster

GEM
  remote: http://rubygems.org/
  specs:
    factual-api (1.3.1)
      json (>= 1.2.0)
      oauth (>= 0.4.4)
    faraday (0.8.4)
      multipart-post (~> 1.1)
    faraday_middleware (0.8.8)
      faraday (>= 0.7.4, < 0.9)
    foursquare2 (1.8.2)
      faraday (~> 0.8)
      faraday_middleware (>= 0.8)
      hashie (~> 1.0)
    geocoder (1.1.3)
    google_places (0.1.1)
      httparty
    hashie (1.2.0)
    httparty (0.9.0)
      multi_json (~> 1.0)
      multi_xml
    json (1.7.5)
    koala (1.5.0)
      faraday (~> 0.7)
      multi_json (~> 1.3)
    levenshtein (0.2.2)
    multi_json (1.3.6)
    multi_xml (0.5.1)
    multipart-post (1.1.5)
    oauth (0.4.7)
    yelpster (1.1.1)
      json (>= 1.1.1)
      oauth (>= 0.4.5)

PLATFORMS
  ruby

DEPENDENCIES
  bizratr!
